GEM
  remote: https://rubygems.org/
  specs:
    json (2.3.0)
    mini_portile2 (2.4.0)
    nokogiri (1.10.4)
      mini_portile2 (~> 2.4.0)

PLATFORMS
  ruby

DEPENDENCIES
  json (~> 2.3)
  nokogiri

RUBY VERSION
   ruby 2.6.2p47

BUNDLED WITH
   2.0.1
