GEM
  remote: https://rubygems.org/
  specs:
    json (2.2.0)
    mini_portile2 (2.4.0)
    nokogiri (1.10.3)
      mini_portile2 (~> 2.4.0)

PLATFORMS
  ruby

DEPENDENCIES
  json (~> 2.2)
  nokogiri

RUBY VERSION
   ruby 2.6.2p47

BUNDLED WITH
   2.0.1
