GEM
  remote: https://rubygems.org/
  specs:
    json (2.3.0)
    mini_portile2 (2.8.1)
    nokogiri (1.13.10)
      mini_portile2 (~> 2.8.0)
      racc (~> 1.4)
    racc (1.6.2)

PLATFORMS
  ruby

DEPENDENCIES
  json (~> 2.3)
  nokogiri

RUBY VERSION
   ruby 2.6.2p47

BUNDLED WITH
   2.0.1
