GEM
  remote: https://rubygems.org/
  specs:
    json (2.2.0)
    mini_portile2 (2.5.1)
    nokogiri (1.11.4)
      mini_portile2 (~> 2.5.0)
      racc (~> 1.4)
    racc (1.5.2)

PLATFORMS
  ruby

DEPENDENCIES
  json (~> 2.2)
  nokogiri

RUBY VERSION
   ruby 2.6.2p47

BUNDLED WITH
   2.0.1
